GEM
  remote: https://rubygems.org/
  specs:
    addressable (2.4.0)
    celluloid (0.17.3)
      celluloid-essentials
      celluloid-extras
      celluloid-fsm
      celluloid-pool
      celluloid-supervision
      timers (>= 4.1.1)
    celluloid-essentials (0.20.5)
      timers (>= 4.1.1)
    celluloid-extras (0.20.5)
      timers (>= 4.1.1)
    celluloid-fsm (0.20.5)
      timers (>= 4.1.1)
    celluloid-io (0.17.3)
      celluloid (>= 0.17.2)
      nio4r (>= 1.1)
      timers (>= 4.1.1)
    celluloid-pool (0.20.5)
      timers (>= 4.1.1)
    celluloid-supervision (0.20.5)
      timers (>= 4.1.1)
    domain_name (0.5.20160216)
      unf (>= 0.0.5, < 1.0.0)
    haml (4.0.7)
      tilt
    hitimes (1.2.3)
    hitimes (1.2.3-java)
    http (1.0.2)
      addressable (~> 2.3)
      http-cookie (~> 1.0)
      http-form_data (~> 1.0.1)
      http_parser.rb (~> 0.6.0)
    http-cookie (1.0.2)
      domain_name (~> 0.5)
    http-form_data (1.0.1)
    http_parser.rb (0.6.0)
    http_parser.rb (0.6.0-java)
    nio4r (1.2.1)
    nio4r (1.2.1-java)
    puma (3.1.0)
    puma (3.1.0-java)
    rack (1.6.4)
    rack-protection (1.5.3)
      rack
    reel (0.6.0)
      celluloid (>= 0.15.1)
      celluloid-io (>= 0.15.0)
      http (>= 0.6.0.pre)
      http_parser.rb (>= 0.6.0)
      rack
      websocket-driver (>= 0.5.1)
    reel-rack (0.2.2)
      rack (>= 1.4.0)
      reel (>= 0.5.0)
    sass (3.4.21)
    sinatra (1.4.7)
      rack (~> 1.5)
      rack-protection (~> 1.4)
      tilt (>= 1.3, < 3)
    tilt (2.0.2)
    timers (4.1.1)
      hitimes
    unf (0.1.4)
      unf_ext
    unf (0.1.4-java)
    unf_ext (0.0.7.2)
    websocket-driver (0.6.3)
      websocket-extensions (>= 0.1.0)
    websocket-driver (0.6.3-java)
      websocket-extensions (>= 0.1.0)
    websocket-extensions (0.1.2)

PLATFORMS
  java
  ruby

DEPENDENCIES
  celluloid
  haml
  puma
  reel
  reel-rack
  sass
  sinatra

BUNDLED WITH
   1.11.2
